PATH
  remote: .
  specs:
    anpan (0.1.0)
      activesupport (>= 5.0.0)

GEM
  remote: https://rubygems.org/
  specs:
    activesupport (6.0.1)
      concurrent-ruby (~> 1.0, >= 1.0.2)
      i18n (>= 0.7, < 2)
      minitest (~> 5.1)
      tzinfo (~> 1.1)
      zeitwerk (~> 2.2)
    codecov (0.1.14)
      json
      simplecov
      url
    concurrent-ruby (1.1.5)
    diff-lcs (1.3)
    docile (1.3.1)
    i18n (1.7.0)
      concurrent-ruby (~> 1.0)
    json (2.1.0)
    minitest (5.13.0)
    rake (12.3.2)
    rspec (3.8.0)
      rspec-core (~> 3.8.0)
      rspec-expectations (~> 3.8.0)
      rspec-mocks (~> 3.8.0)
    rspec-core (3.8.0)
      rspec-support (~> 3.8.0)
    rspec-expectations (3.8.0)
      diff-lcs (>= 1.2.0, < 2.0)
      rspec-support (~> 3.8.0)
    rspec-mocks (3.8.0)
      diff-lcs (>= 1.2.0, < 2.0)
      rspec-support (~> 3.8.0)
    rspec-support (3.8.0)
    simplecov (0.16.1)
      docile (~> 1.1)
      json (>= 1.8, < 3)
      simplecov-html (~> 0.10.0)
    simplecov-html (0.10.2)
    thread_safe (0.3.6)
    tzinfo (1.2.5)
      thread_safe (~> 0.1)
    url (0.3.2)
    zeitwerk (2.2.1)

PLATFORMS
  ruby

DEPENDENCIES
  anpan!
  codecov
  rake
  rspec

BUNDLED WITH
   1.16.0
